PATH
  remote: .
  specs:
    date_iterator (0.0.1)

GEM
  remote: http://rubygems.org/
  specs:

PLATFORMS
  ruby

DEPENDENCIES
  date_iterator!
